GIT
  remote: https://github.com/trym/dotty.git
  revision: b3302a074731e2cbf8f526906ba31b4669de42d5
  specs:
    dotty (0.0.3)
      hashie
      thor

GEM
  remote: http://rubygems.org/
  specs:
    coderay (1.0.5)
    hashie (1.2.0)
    method_source (0.7.0)
    pry (0.9.8)
      coderay (~> 1.0.5)
      method_source (~> 0.7)
      slop (>= 2.4.3, < 3)
    pry-doc (0.4.0)
      pry (>= 0.9.0)
      yard (~> 0.7.4)
    slop (2.4.3)
    thor (0.14.6)
    yard (0.7.4)

PLATFORMS
  ruby

DEPENDENCIES
  dotty!
  pry
  pry-doc
